GIT
  remote: git@github.com:tongueroo/webpacker.git
  revision: 7533a9ef9fa66c75cb470b1108081da415536727
  specs:
    webpacker (3.0.2)
      activesupport (>= 4.2)
      rack-proxy (>= 0.6.1)
      railties (>= 4.2)

PATH
  remote: .
  specs:
    jets (0.2.0)
      actionpack
      actionview
      activerecord
      activesupport
      aws-sdk-cloudformation
      aws-sdk-dynamodb
      aws-sdk-lambda
      aws-sdk-s3
      colorize
      hashie
      json
      kramdown
      rack
      railties
      recursive-open-struct
      text-table
      thor

GEM
  remote: https://rubygems.org/
  specs:
    actionpack (5.1.4)
      actionview (= 5.1.4)
      activesupport (= 5.1.4)
      rack (~> 2.0)
      rack-test (>= 0.6.3)
      rails-dom-testing (~> 2.0)
      rails-html-sanitizer (~> 1.0, >= 1.0.2)
    actionview (5.1.4)
      activesupport (= 5.1.4)
      builder (~> 3.1)
      erubi (~> 1.4)
      rails-dom-testing (~> 2.0)
      rails-html-sanitizer (~> 1.0, >= 1.0.3)
    activemodel (5.1.4)
      activesupport (= 5.1.4)
    activerecord (5.1.4)
      activemodel (= 5.1.4)
      activesupport (= 5.1.4)
      arel (~> 8.0)
    activesupport (5.1.4)
      concurrent-ruby (~> 1.0, >= 1.0.2)
      i18n (~> 0.7)
      minitest (~> 5.1)
      tzinfo (~> 1.1)
    arel (8.0.0)
    aws-partitions (1.36.0)
    aws-sdk-cloudformation (1.2.0)
      aws-sdk-core (~> 3)
      aws-sigv4 (~> 1.0)
    aws-sdk-core (3.7.0)
      aws-partitions (~> 1.0)
      aws-sigv4 (~> 1.0)
      jmespath (~> 1.0)
    aws-sdk-dynamodb (1.2.0)
      aws-sdk-core (~> 3)
      aws-sigv4 (~> 1.0)
    aws-sdk-kms (1.3.0)
      aws-sdk-core (~> 3)
      aws-sigv4 (~> 1.0)
    aws-sdk-lambda (1.0.0)
      aws-sdk-core (~> 3)
      aws-sigv4 (~> 1.0)
    aws-sdk-s3 (1.7.0)
      aws-sdk-core (~> 3)
      aws-sdk-kms (~> 1)
      aws-sigv4 (~> 1.0)
    aws-sigv4 (1.0.2)
    builder (3.2.3)
    byebug (9.1.0)
    colorize (0.8.1)
    concurrent-ruby (1.0.5)
    crass (1.0.3)
    diff-lcs (1.3)
    erubi (1.7.0)
    hashie (3.5.6)
    i18n (0.9.1)
      concurrent-ruby (~> 1.0)
    jmespath (1.3.1)
    json (2.1.0)
    kramdown (1.15.0)
    loofah (2.1.1)
      crass (~> 1.0.2)
      nokogiri (>= 1.5.9)
    method_source (0.9.0)
    mini_portile2 (2.3.0)
    minitest (5.10.3)
    nokogiri (1.8.1)
      mini_portile2 (~> 2.3.0)
    pg (0.21.0)
    rack (2.0.3)
    rack-proxy (0.6.2)
      rack
    rack-test (0.7.0)
      rack (>= 1.0, < 3)
    rails-dom-testing (2.0.3)
      activesupport (>= 4.2.0)
      nokogiri (>= 1.6)
    rails-html-sanitizer (1.0.3)
      loofah (~> 2.0)
    railties (5.1.4)
      actionpack (= 5.1.4)
      activesupport (= 5.1.4)
      method_source
      rake (>= 0.8.7)
      thor (>= 0.18.1, < 2.0)
    rake (12.3.0)
    recursive-open-struct (1.0.5)
    rspec (3.7.0)
      rspec-core (~> 3.7.0)
      rspec-expectations (~> 3.7.0)
      rspec-mocks (~> 3.7.0)
    rspec-core (3.7.0)
      rspec-support (~> 3.7.0)
    rspec-expectations (3.7.0)
      diff-lcs (>= 1.2.0, < 2.0)
      rspec-support (~> 3.7.0)
    rspec-mocks (3.7.0)
      diff-lcs (>= 1.2.0, < 2.0)
      rspec-support (~> 3.7.0)
    rspec-support (3.7.0)
    text-table (1.2.4)
    thor (0.20.0)
    thread_safe (0.3.6)
    tzinfo (1.2.4)
      thread_safe (~> 0.1)

PLATFORMS
  ruby

DEPENDENCIES
  bundler
  byebug
  jets!
  pg
  rake
  rspec
  webpacker!

BUNDLED WITH
   1.16.0
