GIT
  remote: git@github.com:tongueroo/jets.git
  revision: 2490323d0e8857d6d39816e3da3b9e8585a982a4
  specs:
    jets (0.2.0)
      actionview
      activesupport
      byebug
      colorize
      hashie
      thor

GEM
  remote: https://rubygems.org/
  specs:
    actionview (5.1.4)
      activesupport (= 5.1.4)
      builder (~> 3.1)
      erubi (~> 1.4)
      rails-dom-testing (~> 2.0)
      rails-html-sanitizer (~> 1.0, >= 1.0.3)
    activesupport (5.1.4)
      concurrent-ruby (~> 1.0, >= 1.0.2)
      i18n (~> 0.7)
      minitest (~> 5.1)
      tzinfo (~> 1.1)
    builder (3.2.3)
    byebug (9.1.0)
    colorize (0.8.1)
    concurrent-ruby (1.0.5)
    crass (1.0.2)
    erubi (1.7.0)
    hashie (3.5.6)
    i18n (0.9.0)
      concurrent-ruby (~> 1.0)
    loofah (2.1.1)
      crass (~> 1.0.2)
      nokogiri (>= 1.5.9)
    mini_portile2 (2.3.0)
    minitest (5.10.3)
    nokogiri (1.8.1)
      mini_portile2 (~> 2.3.0)
    print_ruby_info (0.0.3)
    rails-dom-testing (2.0.3)
      activesupport (>= 4.2.0)
      nokogiri (>= 1.6)
    rails-html-sanitizer (1.0.3)
      loofah (~> 2.0)
    thor (0.20.0)
    thread_safe (0.3.6)
    tzinfo (1.2.4)
      thread_safe (~> 0.1)

PLATFORMS
  ruby

DEPENDENCIES
  jets!
  print_ruby_info
