GIT
  remote: git@github.com:tongueroo/jets.git
  revision: 93c085671d2fb6de73ef0246ab89a0c7fecc92ea
  specs:
    jets (0.0.1)
      colorize
      hashie
      thor

GEM
  remote: https://rubygems.org/
  specs:
    colorize (0.8.1)
    hashie (3.5.6)
    print_ruby_info (0.0.3)
    thor (0.20.0)

PLATFORMS
  ruby

DEPENDENCIES
  jets!
  print_ruby_info
